PATH
  remote: .
  specs:
    podio (0.8.0)
      activemodel (~> 3.0)
      activesupport (~> 3.0)
      faraday (~> 0.8.0)
      multi_json

GEM
  remote: https://rubygems.org/
  specs:
    activemodel (3.2.6)
      activesupport (= 3.2.6)
      builder (~> 3.0.0)
    activesupport (3.2.6)
      i18n (~> 0.6)
      multi_json (~> 1.0)
    builder (3.0.3)
    faraday (0.8.4)
      multipart-post (~> 1.1)
    i18n (0.6.1)
    multi_json (1.3.6)
    multipart-post (1.1.5)
    rake (0.9.2.2)
    yard (0.8.2.1)

PLATFORMS
  ruby

DEPENDENCIES
  jruby-openssl (~> 0.7)
  podio!
  rake
  yard
